PATH
  remote: ../bloc_record
  specs:
    bloc_record (0.0.0)
      sqlite3 (~> 1.3)

GEM
  remote: https://rubygems.org/
  specs:
    diff-lcs (1.2.5)
    rspec (3.5.0)
      rspec-core (~> 3.5.0)
      rspec-expectations (~> 3.5.0)
      rspec-mocks (~> 3.5.0)
    rspec-core (3.5.4)
      rspec-support (~> 3.5.0)
    rspec-expectations (3.5.0)
      diff-lcs (>= 1.2.0, < 2.0)
      rspec-support (~> 3.5.0)
    rspec-mocks (3.5.0)
      diff-lcs (>= 1.2.0, < 2.0)
      rspec-support (~> 3.5.0)
    rspec-support (3.5.0)
    sqlite3 (1.3.12)

PLATFORMS
  ruby

DEPENDENCIES
  bloc_record!
  rspec

BUNDLED WITH
   1.13.7
